GEM
  remote: https://rubygems.org/
  specs:
    mini_portile2 (2.8.6)
    nokogiri (1.13.10)
      mini_portile2 (~> 2.8.0)
      racc (~> 1.4)
    racc (1.7.3)
    rack (3.0.10)
    rackup (2.1.0)
      rack (>= 3)
      webrick (~> 1.8)
    sinatra (1.0)
      rack (>= 1.0)
    webrick (1.8.1)

PLATFORMS
  ruby

DEPENDENCIES
  nokogiri
  rackup (~> 2.1)
  sinatra

BUNDLED WITH
   2.5.3
